GEM
  remote: https://rubygems.org/
  specs:
    hashie (2.0.3)
    rake (10.0.3)

PLATFORMS
  ruby

DEPENDENCIES
  hashie
  rake
