GEM
  remote: http://rubygems.org/
  specs:
    hashie (1.0.0)
    rake (0.8.7)

PLATFORMS
  ruby

DEPENDENCIES
  hashie
  rake
